GEM
  remote: https://rubygems.org/
  specs:
    activesupport (4.1.0)
      i18n (~> 0.6, >= 0.6.9)
      json (~> 1.7, >= 1.7.7)
      minitest (~> 5.1)
      thread_safe (~> 0.1)
      tzinfo (~> 1.1)
    addressable (2.3.6)
    bcrypt (3.1.7)
    bcrypt-ruby (3.1.5)
      bcrypt (>= 3.1.3)
    data_objects (0.10.14)
      addressable (~> 2.1)
    dm-aggregates (1.2.0)
      dm-core (~> 1.2.0)
    dm-constraints (1.2.0)
      dm-core (~> 1.2.0)
    dm-core (1.2.1)
      addressable (~> 2.3)
    dm-do-adapter (1.2.0)
      data_objects (~> 0.10.6)
      dm-core (~> 1.2.0)
    dm-migrations (1.2.0)
      dm-core (~> 1.2.0)
    dm-mysql-adapter (1.2.0)
      dm-do-adapter (~> 1.2.0)
      do_mysql (~> 0.10.6)
    dm-sqlite-adapter (1.2.0)
      dm-do-adapter (~> 1.2.0)
      do_sqlite3 (~> 0.10.6)
    dm-timestamps (1.2.0)
      dm-core (~> 1.2.0)
    dm-types (1.2.2)
      bcrypt-ruby (~> 3.0)
      dm-core (~> 1.2.0)
      fastercsv (~> 1.5)
      json (~> 1.6)
      multi_json (~> 1.0)
      stringex (~> 1.4)
      uuidtools (~> 2.1)
    dm-validations (1.2.0)
      dm-core (~> 1.2.0)
    do_mysql (0.10.14)
      data_objects (= 0.10.14)
    do_sqlite3 (0.10.14)
      data_objects (= 0.10.14)
    fastercsv (1.5.5)
    haml (4.0.5)
      tilt
    http_router (0.11.1)
      rack (>= 1.0.0)
      url_mount (~> 0.2.1)
    i18n (0.6.9)
    json (1.8.1)
    mail (2.5.4)
      mime-types (~> 1.16)
      treetop (~> 1.4.8)
    mime-types (1.25.1)
    minitest (5.3.3)
    multi_json (1.9.2)
    padrino (0.11.2)
      padrino-admin (= 0.11.2)
      padrino-cache (= 0.11.2)
      padrino-core (= 0.11.2)
      padrino-gen (= 0.11.2)
      padrino-helpers (= 0.11.2)
      padrino-mailer (= 0.11.2)
    padrino-admin (0.11.2)
      padrino-core (= 0.11.2)
      padrino-helpers (= 0.11.2)
    padrino-cache (0.11.2)
      padrino-core (= 0.11.2)
      padrino-helpers (= 0.11.2)
    padrino-core (0.11.2)
      activesupport (>= 3.1.0)
      http_router (~> 0.11.0)
      rack-protection (>= 1.5.0)
      sinatra (~> 1.4.2)
      thor (~> 0.17.0)
      tilt (~> 1.3.7)
    padrino-csrf (0.1.1)
      padrino-core
      padrino-helpers
    padrino-gen (0.11.2)
      bundler (~> 1.0)
      padrino-core (= 0.11.2)
    padrino-helpers (0.11.2)
      i18n (~> 0.6)
      padrino-core (= 0.11.2)
    padrino-mailer (0.11.2)
      mail (~> 2.5.3)
      padrino-core (= 0.11.2)
    polyglot (0.3.4)
    rack (1.5.2)
    rack-protection (1.5.3)
      rack
    rake (10.3.1)
    sinatra (1.4.5)
      rack (~> 1.4)
      rack-protection (~> 1.4)
      tilt (~> 1.3, >= 1.3.4)
    stringex (1.5.1)
    thor (0.17.0)
    thread_safe (0.3.3)
    tilt (1.3.7)
    treetop (1.4.15)
      polyglot
      polyglot (>= 0.3.1)
    tzinfo (1.1.0)
      thread_safe (~> 0.1)
    url_mount (0.2.1)
      rack
    uuidtools (2.1.4)

PLATFORMS
  ruby

DEPENDENCIES
  dm-aggregates
  dm-constraints
  dm-core
  dm-migrations
  dm-mysql-adapter
  dm-sqlite-adapter
  dm-timestamps
  dm-types
  dm-validations
  haml
  padrino (= 0.11.2)
  padrino-csrf
  rake
